GEM
  remote: http://rubygems.org/
  specs:
    trie (0.0.1)

PLATFORMS
  ruby

DEPENDENCIES
  bundler (~> 1.0.0)
  trie
